GEM
  remote: http://rubygems.org/
  specs:
    atomic (1.1.14)
    bson (1.9.2)
    bson_ext (1.9.2)
      bson (~> 1.9.2)
    daemons (1.1.9)
    eventmachine (1.0.3)
    faraday (0.8.8)
      multipart-post (~> 1.2.0)
    json (1.8.0)
    mongo (1.9.2)
      bson (~> 1.9.2)
    multipart-post (1.2.0)
    newrelic_rpm (3.9.6.257)
    rack (1.5.2)
    rack-protection (1.5.0)
      rack
    rufus-scheduler (2.0.24)
      tzinfo (>= 0.3.22)
    sinatra (1.4.3)
      rack (~> 1.4)
      rack-protection (~> 1.4)
      tilt (~> 1.3, >= 1.3.4)
    thin (1.5.1)
      daemons (>= 1.0.9)
      eventmachine (>= 0.12.6)
      rack (>= 1.0.0)
    thread_safe (0.1.3)
      atomic
    tilt (1.4.1)
    tzinfo (1.1.0)
      thread_safe (~> 0.1)

PLATFORMS
  ruby

DEPENDENCIES
  bson_ext
  faraday
  json
  mongo
  newrelic_rpm
  rufus-scheduler
  sinatra
  thin
